GIT
  remote: git://github.com/intridea/omniauth-oauth2.git
  revision: 464fcef6c0a5f1a7526b9701cec37f342ce57ae3
  specs:
    omniauth-oauth2 (1.4.0)
      oauth2 (~> 1.0)
      omniauth (~> 1.2)

PATH
  remote: .
  specs:
    omniauth-mixcloud (1.0.1)
      omniauth-oauth2 (~> 1.4.0)

GEM
  remote: http://rubygems.org/
  specs:
    diff-lcs (1.1.3)
    faraday (0.9.2)
      multipart-post (>= 1.2, < 3)
    hashie (3.4.6)
    jwt (1.5.5)
    multi_json (1.12.1)
    multi_xml (0.5.5)
    multipart-post (2.0.0)
    oauth2 (1.2.0)
      faraday (>= 0.8, < 0.10)
      jwt (~> 1.0)
      multi_json (~> 1.3)
      multi_xml (~> 0.5)
      rack (>= 1.2, < 3)
    omniauth (1.3.1)
      hashie (>= 1.2, < 4)
      rack (>= 1.0, < 3)
    rack (2.0.1)
    rake (11.2.2)
    rspec (2.7.0)
      rspec-core (~> 2.7.0)
      rspec-expectations (~> 2.7.0)
      rspec-mocks (~> 2.7.0)
    rspec-core (2.7.1)
    rspec-expectations (2.7.0)
      diff-lcs (~> 1.1.2)
    rspec-mocks (2.7.0)

PLATFORMS
  ruby

DEPENDENCIES
  omniauth-mixcloud!
  omniauth-oauth2!
  rake
  rspec (~> 2.7.0)

BUNDLED WITH
   1.12.5
